PATH
  remote: .
  specs:
    pixitar (0.1.0)

GEM
  remote: https://rubygems.org/
  specs:
    chunky_png (1.3.11)
    minitest (5.14.1)
    rake (12.3.3)

PLATFORMS
  ruby

DEPENDENCIES
  chunky_png (~> 1.3.11)
  minitest (~> 5.0)
  pixitar!
  rake (~> 12.0)

BUNDLED WITH
   2.1.4
