PATH
  remote: .
  specs:
    pixitar (0.1.0)
      chunky_png (~> 1.3.11)

GEM
  remote: https://rubygems.org/
  specs:
    chunky_png (1.3.11)
    coveralls (0.8.23)
      json (>= 1.8, < 3)
      simplecov (~> 0.16.1)
      term-ansicolor (~> 1.3)
      thor (>= 0.19.4, < 2.0)
      tins (~> 1.6)
    docile (1.3.2)
    json (2.3.0)
    minitest (5.14.1)
    rake (12.3.3)
    simplecov (0.16.1)
      docile (~> 1.1)
      json (>= 1.8, < 3)
      simplecov-html (~> 0.10.0)
    simplecov-html (0.10.2)
    sync (0.5.0)
    term-ansicolor (1.7.1)
      tins (~> 1.0)
    thor (1.0.1)
    tins (1.25.0)
      sync

PLATFORMS
  ruby

DEPENDENCIES
  coveralls
  minitest (~> 5.0)
  pixitar!
  rake (~> 12.0)

BUNDLED WITH
   2.1.4
